GEM
  remote: https://rubygems.org/
  specs:
    rack (2.2.3)
    rack-test (1.1.0)
      rack (>= 1.0, < 3)

PLATFORMS
  -darwin-20

DEPENDENCIES
  rack
  rack-test

BUNDLED WITH
   2.2.9
